GEM
  remote: https://rubygems.org/
  specs:
    asciidoctor (1.5.1)
    retryable-rb (1.1.0)
    rubypress (1.0.8)
      retryable-rb
    thread_safe (0.3.4)
    tilt (1.4.1)

PLATFORMS
  ruby

DEPENDENCIES
  asciidoctor (~> 1.5.1)
  rubypress
  thread_safe
  tilt
