GEM
  remote: https://rubygems.org/
  specs:
    asciidoctor (1.5.1)
    diff-lcs (1.2.5)
    retryable-rb (1.1.0)
    rspec (3.3.0)
      rspec-core (~> 3.3.0)
      rspec-expectations (~> 3.3.0)
      rspec-mocks (~> 3.3.0)
    rspec-core (3.3.2)
      rspec-support (~> 3.3.0)
    rspec-expectations (3.3.1)
      diff-lcs (>= 1.2.0, < 2.0)
      rspec-support (~> 3.3.0)
    rspec-mocks (3.3.2)
      diff-lcs (>= 1.2.0, < 2.0)
      rspec-support (~> 3.3.0)
    rspec-support (3.3.0)
    rubypress (1.0.8)
      retryable-rb
    thread_safe (0.3.4)
    tilt (1.4.1)

PLATFORMS
  ruby

DEPENDENCIES
  asciidoctor (~> 1.5.1)
  rspec
  rubypress
  thread_safe
  tilt
